GIT
  remote: git://github.com/deanwampler/Aquarium.git
  revision: 72804ea9d220ea80889938dd0676f8a125e3743a
  specs:
    aquarium (0.6.0)

GEM
  remote: https://rubygems.org/
  specs:
    activesupport (4.0.2)
      i18n (~> 0.6, >= 0.6.4)
      minitest (~> 4.2)
      multi_json (~> 1.3)
      thread_safe (~> 0.1)
      tzinfo (~> 0.3.37)
    atomic (1.1.14)
    bcrypt-ruby (3.1.2)
    builder (3.1.4)
    capybara (2.2.1)
      mime-types (>= 1.16)
      nokogiri (>= 1.3.3)
      rack (>= 1.0.0)
      rack-test (>= 0.5.4)
      xpath (~> 2.0)
    commonjs (0.2.7)
    crochets (0.1.0)
    cucumber (1.3.10)
      builder (>= 2.1.2)
      diff-lcs (>= 1.1.3)
      gherkin (~> 2.12)
      multi_json (>= 1.7.5, < 2.0)
      multi_test (>= 0.0.2)
    diff-lcs (1.2.5)
    gherkin (2.12.2)
      multi_json (~> 1.3)
    haml (4.0.5)
      tilt
    http_router (0.11.0)
      rack (>= 1.0.0)
      url_mount (~> 0.2.1)
    i18n (0.6.9)
    less (2.4.0)
      commonjs (~> 0.2.7)
    libv8 (3.16.14.3)
    mail (2.5.4)
      mime-types (~> 1.16)
      treetop (~> 1.4.8)
    mime-types (1.25.1)
    mini_portile (0.5.2)
    minitest (4.7.5)
    moneta (0.7.20)
    multi_json (1.8.4)
    multi_test (0.0.3)
    nokogiri (1.6.1)
      mini_portile (~> 0.5.0)
    padrino (0.12.0.rc3)
      padrino-admin (= 0.12.0.rc3)
      padrino-cache (= 0.12.0.rc3)
      padrino-core (= 0.12.0.rc3)
      padrino-gen (= 0.12.0.rc3)
      padrino-helpers (= 0.12.0.rc3)
      padrino-mailer (= 0.12.0.rc3)
    padrino-admin (0.12.0.rc3)
      padrino-core (= 0.12.0.rc3)
      padrino-helpers (= 0.12.0.rc3)
    padrino-cache (0.12.0.rc3)
      moneta (~> 0.7.0)
      padrino-core (= 0.12.0.rc3)
      padrino-helpers (= 0.12.0.rc3)
    padrino-core (0.12.0.rc3)
      activesupport (>= 3.1)
      http_router (~> 0.11.0)
      rack-protection (>= 1.5.0)
      sinatra (~> 1.4.2)
      thor (~> 0.17.0)
      tilt (~> 1.4.1)
    padrino-gen (0.12.0.rc3)
      bundler (~> 1.0)
      padrino-core (= 0.12.0.rc3)
    padrino-helpers (0.12.0.rc3)
      i18n (~> 0.6, >= 0.6.7)
      padrino-core (= 0.12.0.rc3)
    padrino-mailer (0.12.0.rc3)
      mail (~> 2.5.3)
      padrino-core (= 0.12.0.rc3)
    polyglot (0.3.3)
    psych (2.0.2)
    qipowl (0.9.2)
      aquarium
      crochets
      psych
      typogrowth
      unicode
    rack (1.5.2)
    rack-less (3.0.2)
      less (~> 2.0)
      rack (~> 1.0)
    rack-protection (1.5.2)
      rack
    rack-test (0.6.2)
      rack (>= 1.0)
    rake (10.1.1)
    ref (1.0.5)
    rspec (2.14.1)
      rspec-core (~> 2.14.0)
      rspec-expectations (~> 2.14.0)
      rspec-mocks (~> 2.14.0)
    rspec-core (2.14.7)
    rspec-expectations (2.14.4)
      diff-lcs (>= 1.1.3, < 2.0)
    rspec-mocks (2.14.4)
    sinatra (1.4.4)
      rack (~> 1.4)
      rack-protection (~> 1.4)
      tilt (~> 1.3, >= 1.3.4)
    therubyracer (0.12.0)
      libv8 (~> 3.16.14.0)
      ref
    thor (0.17.0)
    thread_safe (0.1.3)
      atomic
    tilt (1.4.1)
    treetop (1.4.15)
      polyglot
      polyglot (>= 0.3.1)
    typogrowth (0.9.0)
      i18n
      psych
    tzinfo (0.3.38)
    unicode (0.4.4)
    url_mount (0.2.1)
      rack
    xpath (2.0.0)
      nokogiri (~> 1.3)

PLATFORMS
  ruby

DEPENDENCIES
  aquarium (~> 0.6.0)!
  bcrypt-ruby
  capybara
  crochets
  cucumber
  haml
  less
  padrino (= 0.12.0.rc3)
  qipowl (~> 0.9.2)
  rack-less
  rack-test
  rake
  rspec
  therubyracer
